GEM
  remote: https://rubygems.org/
  specs:
    connection_pool (2.4.1)
    nio4r (2.5.9)
    pg (1.5.3)
    puma (6.3.0)
      nio4r (~> 2.0)
    rack (2.2.8)
    roda (3.71.0)
      rack

PLATFORMS
  x86_64-linux

DEPENDENCIES
  connection_pool
  pg
  puma
  rack
  roda

BUNDLED WITH
   2.4.10
