GEM
  remote: https://rubygems.org/
  specs:
    adelnor (0.0.6)
      rack
    chespirito (0.0.3)
      adelnor
      rack
    connection_pool (2.4.1)
    nio4r (2.5.9)
    pg (1.5.3)
    puma (6.3.0)
      nio4r (~> 2.0)
    rack (2.2.8)

PLATFORMS
  x86_64-linux

DEPENDENCIES
  chespirito
  connection_pool
  pg
  puma (~> 6.x)
  rack (> 2.2.4)

BUNDLED WITH
   2.4.10
